GEM
  remote: https://rubygems.org/
  specs:
    sequel (4.40.0)
    sqlite3 (1.3.12)

PLATFORMS
  ruby

DEPENDENCIES
  sequel
  sqlite3

BUNDLED WITH
   1.13.6
